GEM
  remote: https://rubygems.org/
  specs:
    grpc-tools (1.25.0)

PLATFORMS
  ruby

DEPENDENCIES
  grpc-tools

BUNDLED WITH
   2.0.2
